GIT
  remote: https://github.com/alphagov/capistrano_rsync_with_remote_cache
  revision: b04fad1fe9af4e23309f5ca17b2cf46e8b0b3c17
  tag: v2.4.0govuk1
  specs:
    capistrano_rsync_with_remote_cache (2.4.0govuk1)
      capistrano (~> 2.9.0)

GEM
  remote: http://rubygems.org/
  specs:
    activesupport (3.0.8)
    capistrano (2.9.0)
      highline
      net-scp (>= 1.0.0)
      net-sftp (>= 2.0.0)
      net-ssh (>= 2.0.14)
      net-ssh-gateway (>= 1.1.0)
    chronic (0.6.7)
    highline (1.6.11)
    net-scp (1.0.4)
      net-ssh (>= 1.99.1)
    net-sftp (2.0.5)
      net-ssh (>= 2.0.9)
    net-ssh (2.3.0)
    net-ssh-gateway (1.1.0)
      net-ssh (>= 1.99.1)
    railsless-deploy (1.0.2)
    rake (0.9.2)
    whenever (0.7.3)
      activesupport (>= 2.3.4)
      chronic (~> 0.6.3)

PLATFORMS
  ruby

DEPENDENCIES
  capistrano (= 2.9.0)
  capistrano_rsync_with_remote_cache!
  railsless-deploy
  rake
  whenever (= 0.7.3)
